GEM
  remote: https://rubygems.org/
  specs:
    addressable (2.7.0)
      public_suffix (>= 2.0.2, < 5.0)
    csv (3.1.2)
    faraday (1.0.1)
      multipart-post (>= 1.2, < 3)
    fileutils (1.4.1)
    multipart-post (2.1.1)
    octokit (4.18.0)
      faraday (>= 0.9)
      sawyer (~> 0.8.0, >= 0.5.3)
    public_suffix (4.0.4)
    sawyer (0.8.2)
      addressable (>= 2.3.5)
      faraday (> 0.8, < 2.0)
    tty-cursor (0.7.1)
    tty-spinner (0.9.3)
      tty-cursor (~> 0.7)

PLATFORMS
  x64-mingw32

DEPENDENCIES
  csv
  fileutils
  octokit (~> 4.0)
  tty-spinner

BUNDLED WITH
   1.17.2
